STORAGE: NONE
RESTRICTION: == net8.0
NUGET
  remote: https://api.nuget.org/v3/index.json
    Aardvark.Base (5.3.5)
      Aardvark.Base.Telemetry (5.3.5)
      SingleFileExtractor.Core (>= 2.2.1 < 2.3)
      System.Collections.Immutable (>= 8.0)
      System.Reflection.Metadata (>= 8.0)
      System.Text.Json (>= 8.0.4)
    Aardvark.Base.FSharp (5.3.5)
      Aardvark.Base (5.3.5)
      Aardvark.Base.TypeProviders (>= 4.5.15 < 4.6)
      FSharp.Core (>= 8.0)
      FSharp.Data.Adaptive (>= 1.2 < 1.3)
      FsPickler (>= 5.3.2 < 5.4)
      System.Dynamic.Runtime (>= 4.3 < 4.4)
    Aardvark.Base.Telemetry (5.3.5)
    Aardvark.Base.TypeProviders (4.5.15)
      FSharp.Core (>= 4.2.3)
    Aardvark.Build (2.0.3)
    CSharp.Data.Adaptive (1.2.16)
      FSharp.Core (>= 4.7)
      FSharp.Data.Adaptive (1.2.16)
      System.Reflection.Emit.Lightweight (>= 4.6)
    FSharp.Core (8.0.100)
    FSharp.Data.Adaptive (1.2.16)
      FSharp.Core (>= 4.7)
      System.Reflection.Emit.Lightweight (>= 4.6)
    FsPickler (5.3.2)
      FSharp.Core (>= 4.3.2)
      System.Reflection.Emit.Lightweight (>= 4.3)
    Microsoft.AspNetCore.Authorization (8.0.10)
      Microsoft.AspNetCore.Metadata (>= 8.0.10)
      Microsoft.Extensions.Logging.Abstractions (>= 8.0.2)
      Microsoft.Extensions.Options (>= 8.0.2)
    Microsoft.AspNetCore.Components (8.0.10)
      Microsoft.AspNetCore.Authorization (>= 8.0.10)
      Microsoft.AspNetCore.Components.Analyzers (>= 8.0.10)
    Microsoft.AspNetCore.Components.Analyzers (8.0.10)
    Microsoft.AspNetCore.Components.Forms (8.0.10)
      Microsoft.AspNetCore.Components (>= 8.0.10)
    Microsoft.AspNetCore.Components.Web (8.0.10)
      Microsoft.AspNetCore.Components (>= 8.0.10)
      Microsoft.AspNetCore.Components.Forms (>= 8.0.10)
      Microsoft.Extensions.DependencyInjection (>= 8.0.1)
      Microsoft.Extensions.Primitives (>= 8.0)
      Microsoft.JSInterop (>= 8.0.10)
      System.IO.Pipelines (>= 8.0)
    Microsoft.AspNetCore.Components.WebAssembly (8.0.10)
      Microsoft.AspNetCore.Components.Web (>= 8.0.10)
      Microsoft.Extensions.Configuration.Binder (>= 8.0.2)
      Microsoft.Extensions.Configuration.Json (>= 8.0.1)
      Microsoft.Extensions.Logging (>= 8.0.1)
      Microsoft.JSInterop.WebAssembly (>= 8.0.10)
    Microsoft.AspNetCore.Components.WebAssembly.DevServer (8.0.10)
    Microsoft.AspNetCore.Connections.Abstractions (8.0.10)
      Microsoft.Extensions.Features (>= 8.0.10)
      System.IO.Pipelines (>= 8.0)
    Microsoft.AspNetCore.Http.Connections.Client (8.0.10)
      Microsoft.AspNetCore.Http.Connections.Common (>= 8.0.10)
      Microsoft.Extensions.Logging.Abstractions (>= 8.0.2)
      Microsoft.Extensions.Options (>= 8.0.2)
    Microsoft.AspNetCore.Http.Connections.Common (8.0.10)
      Microsoft.AspNetCore.Connections.Abstractions (>= 8.0.10)
    Microsoft.AspNetCore.Metadata (8.0.10)
    Microsoft.AspNetCore.SignalR.Client (8.0.10)
      Microsoft.AspNetCore.Http.Connections.Client (>= 8.0.10)
      Microsoft.AspNetCore.SignalR.Client.Core (>= 8.0.10)
    Microsoft.AspNetCore.SignalR.Client.Core (8.0.10)
      Microsoft.AspNetCore.SignalR.Common (>= 8.0.10)
      Microsoft.AspNetCore.SignalR.Protocols.Json (>= 8.0.10)
      Microsoft.Extensions.DependencyInjection (>= 8.0.1)
      Microsoft.Extensions.Logging (>= 8.0.1)
      System.Threading.Channels (>= 8.0)
    Microsoft.AspNetCore.SignalR.Common (8.0.10)
      Microsoft.AspNetCore.Connections.Abstractions (>= 8.0.10)
      Microsoft.Extensions.Options (>= 8.0.2)
    Microsoft.AspNetCore.SignalR.Protocols.Json (8.0.10)
      Microsoft.AspNetCore.SignalR.Common (>= 8.0.10)
    Microsoft.CSharp (4.7)
    Microsoft.DotNet.PlatformAbstractions (3.1.6)
    Microsoft.Extensions.Configuration (8.0)
      Microsoft.Extensions.Configuration.Abstractions (>= 8.0)
      Microsoft.Extensions.Primitives (>= 8.0)
    Microsoft.Extensions.Configuration.Abstractions (8.0)
      Microsoft.Extensions.Primitives (>= 8.0)
    Microsoft.Extensions.Configuration.Binder (8.0.2)
      Microsoft.Extensions.Configuration.Abstractions (>= 8.0)
    Microsoft.Extensions.Configuration.FileExtensions (8.0.1)
      Microsoft.Extensions.Configuration (>= 8.0)
      Microsoft.Extensions.Configuration.Abstractions (>= 8.0)
      Microsoft.Extensions.FileProviders.Abstractions (>= 8.0)
      Microsoft.Extensions.FileProviders.Physical (>= 8.0)
      Microsoft.Extensions.Primitives (>= 8.0)
    Microsoft.Extensions.Configuration.Json (8.0.1)
      Microsoft.Extensions.Configuration (>= 8.0)
      Microsoft.Extensions.Configuration.Abstractions (>= 8.0)
      Microsoft.Extensions.Configuration.FileExtensions (>= 8.0.1)
      Microsoft.Extensions.FileProviders.Abstractions (>= 8.0)
    Microsoft.Extensions.DependencyInjection (8.0.1)
      Microsoft.Extensions.DependencyInjection.Abstractions (>= 8.0.2)
    Microsoft.Extensions.DependencyInjection.Abstractions (8.0.2)
    Microsoft.Extensions.DependencyModel (8.0.2)
    Microsoft.Extensions.Features (8.0.10)
    Microsoft.Extensions.FileProviders.Abstractions (8.0)
      Microsoft.Extensions.Primitives (>= 8.0)
    Microsoft.Extensions.FileProviders.Physical (8.0)
      Microsoft.Extensions.FileProviders.Abstractions (>= 8.0)
      Microsoft.Extensions.FileSystemGlobbing (>= 8.0)
      Microsoft.Extensions.Primitives (>= 8.0)
    Microsoft.Extensions.FileSystemGlobbing (8.0)
    Microsoft.Extensions.Logging (8.0.1)
      Microsoft.Extensions.DependencyInjection (>= 8.0.1)
      Microsoft.Extensions.Logging.Abstractions (>= 8.0.2)
      Microsoft.Extensions.Options (>= 8.0.2)
    Microsoft.Extensions.Logging.Abstractions (8.0.2)
      Microsoft.Extensions.DependencyInjection.Abstractions (>= 8.0.2)
    Microsoft.Extensions.Options (8.0.2)
      Microsoft.Extensions.DependencyInjection.Abstractions (>= 8.0)
      Microsoft.Extensions.Primitives (>= 8.0)
    Microsoft.Extensions.Primitives (8.0)
    Microsoft.JSInterop (8.0.10)
    Microsoft.JSInterop.WebAssembly (8.0.10)
      Microsoft.JSInterop (>= 8.0.10)
    Microsoft.NETCore.Platforms (7.0.4)
    Microsoft.NETCore.Targets (5.0)
    Silk.NET.Core (2.22)
      Microsoft.CSharp (>= 4.7)
      Microsoft.DotNet.PlatformAbstractions (>= 3.1.6)
      Microsoft.Extensions.DependencyModel (>= 8.0)
      System.Memory (>= 4.5.5)
      System.Numerics.Vectors (>= 4.5)
      System.Runtime.CompilerServices.Unsafe (>= 6.0)
    Silk.NET.WebGPU (2.22)
      Silk.NET.Core (>= 2.22)
    SingleFileExtractor.Core (2.2.1)
    System.Collections (4.3)
      Microsoft.NETCore.Platforms (>= 1.1)
      Microsoft.NETCore.Targets (>= 1.1)
      System.Runtime (>= 4.3)
    System.Collections.Immutable (8.0)
    System.Diagnostics.Debug (4.3)
      Microsoft.NETCore.Platforms (>= 1.1)
      Microsoft.NETCore.Targets (>= 1.1)
      System.Runtime (>= 4.3)
    System.Dynamic.Runtime (4.3)
      System.Collections (>= 4.3)
      System.Diagnostics.Debug (>= 4.3)
      System.Linq (>= 4.3)
      System.Linq.Expressions (>= 4.3)
      System.ObjectModel (>= 4.3)
      System.Reflection (>= 4.3)
      System.Reflection.Emit (>= 4.3)
      System.Reflection.Emit.ILGeneration (>= 4.3)
      System.Reflection.Primitives (>= 4.3)
      System.Reflection.TypeExtensions (>= 4.3)
      System.Resources.ResourceManager (>= 4.3)
      System.Runtime (>= 4.3)
      System.Runtime.Extensions (>= 4.3)
      System.Threading (>= 4.3)
    System.Globalization (4.3)
      Microsoft.NETCore.Platforms (>= 1.1)
      Microsoft.NETCore.Targets (>= 1.1)
      System.Runtime (>= 4.3)
    System.IO (4.3)
      Microsoft.NETCore.Platforms (>= 1.1)
      Microsoft.NETCore.Targets (>= 1.1)
      System.Runtime (>= 4.3)
      System.Text.Encoding (>= 4.3)
      System.Threading.Tasks (>= 4.3)
    System.IO.Pipelines (8.0)
    System.Linq (4.3)
      System.Collections (>= 4.3)
      System.Diagnostics.Debug (>= 4.3)
      System.Resources.ResourceManager (>= 4.3)
      System.Runtime (>= 4.3)
      System.Runtime.Extensions (>= 4.3)
    System.Linq.Expressions (4.3)
      System.Collections (>= 4.3)
      System.Diagnostics.Debug (>= 4.3)
      System.Globalization (>= 4.3)
      System.IO (>= 4.3)
      System.Linq (>= 4.3)
      System.ObjectModel (>= 4.3)
      System.Reflection (>= 4.3)
      System.Reflection.Emit (>= 4.3)
      System.Reflection.Emit.ILGeneration (>= 4.3)
      System.Reflection.Emit.Lightweight (>= 4.3)
      System.Reflection.Extensions (>= 4.3)
      System.Reflection.Primitives (>= 4.3)
      System.Reflection.TypeExtensions (>= 4.3)
      System.Resources.ResourceManager (>= 4.3)
      System.Runtime (>= 4.3)
      System.Runtime.Extensions (>= 4.3)
      System.Threading (>= 4.3)
    System.Memory (4.5.5)
    System.Numerics.Vectors (4.5)
    System.ObjectModel (4.3)
      System.Collections (>= 4.3)
      System.Diagnostics.Debug (>= 4.3)
      System.Resources.ResourceManager (>= 4.3)
      System.Runtime (>= 4.3)
      System.Threading (>= 4.3)
    System.Reflection (4.3)
      Microsoft.NETCore.Platforms (>= 1.1)
      Microsoft.NETCore.Targets (>= 1.1)
      System.IO (>= 4.3)
      System.Reflection.Primitives (>= 4.3)
      System.Runtime (>= 4.3)
    System.Reflection.Emit (4.7)
    System.Reflection.Emit.ILGeneration (4.7)
    System.Reflection.Emit.Lightweight (4.7)
    System.Reflection.Extensions (4.3)
      Microsoft.NETCore.Platforms (>= 1.1)
      Microsoft.NETCore.Targets (>= 1.1)
      System.Reflection (>= 4.3)
      System.Runtime (>= 4.3)
    System.Reflection.Metadata (8.0.1)
    System.Reflection.Primitives (4.3)
      Microsoft.NETCore.Platforms (>= 1.1)
      Microsoft.NETCore.Targets (>= 1.1)
      System.Runtime (>= 4.3)
    System.Reflection.TypeExtensions (4.7)
    System.Resources.ResourceManager (4.3)
      Microsoft.NETCore.Platforms (>= 1.1)
      Microsoft.NETCore.Targets (>= 1.1)
      System.Globalization (>= 4.3)
      System.Reflection (>= 4.3)
      System.Runtime (>= 4.3)
    System.Runtime (4.3.1)
      Microsoft.NETCore.Platforms (>= 1.1.1)
      Microsoft.NETCore.Targets (>= 1.1.3)
    System.Runtime.CompilerServices.Unsafe (6.0)
    System.Runtime.Extensions (4.3.1)
      Microsoft.NETCore.Platforms (>= 1.1.1)
      Microsoft.NETCore.Targets (>= 1.1.3)
      System.Runtime (>= 4.3.1)
    System.Text.Encoding (4.3)
      Microsoft.NETCore.Platforms (>= 1.1)
      Microsoft.NETCore.Targets (>= 1.1)
      System.Runtime (>= 4.3)
    System.Text.Json (8.0.5)
    System.Threading (4.3)
      System.Runtime (>= 4.3)
      System.Threading.Tasks (>= 4.3)
    System.Threading.Channels (8.0)
    System.Threading.Tasks (4.3)
      Microsoft.NETCore.Platforms (>= 1.1)
      Microsoft.NETCore.Targets (>= 1.1)
      System.Runtime (>= 4.3)
